GEM
  remote: https://rubygems.org/
  specs:
    byebug (11.1.3)
    coderay (1.1.3)
    method_source (1.0.0)
    pry (0.14.1)
      coderay (~> 1.1)
      method_source (~> 1.0)
    sqlite3 (1.4.2)

PLATFORMS
  x86_64-linux

DEPENDENCIES
  byebug
  pry
  sqlite3

BUNDLED WITH
   2.2.22
